PATH
  remote: .
  specs:
    elatsicrecord (0.0.1)

GEM
  remote: https://rubygems.org/
  specs:
    addressable (2.7.0)
      public_suffix (>= 2.0.2, < 5.0)
    ast (2.4.1)
    coderay (1.1.3)
    coveralls (0.7.2)
      multi_json (~> 1.3)
      rest-client (= 1.6.7)
      simplecov (>= 0.7)
      term-ansicolor (= 1.2.2)
      thor (= 0.18.1)
    crack (0.4.5)
      rexml
    diff-lcs (1.4.4)
    docile (1.3.4)
    elasticsearch (7.10.0)
      elasticsearch-api (= 7.10.0)
      elasticsearch-transport (= 7.10.0)
    elasticsearch-api (7.10.0)
      multi_json
    elasticsearch-dsl (0.1.9)
    elasticsearch-transport (7.10.0)
      faraday (~> 1)
      multi_json
    faraday (1.3.0)
      faraday-net_http (~> 1.0)
      multipart-post (>= 1.2, < 3)
      ruby2_keywords
    faraday-net_http (1.0.0)
    hashdiff (1.0.1)
    httparty (0.18.1)
      mime-types (~> 3.0)
      multi_xml (>= 0.5.2)
    method_source (1.0.0)
    mime-types (3.3.1)
      mime-types-data (~> 3.2015)
    mime-types-data (3.2020.1104)
    multi_json (1.15.0)
    multi_xml (0.6.0)
    multipart-post (2.1.1)
    parallel (1.20.1)
    parser (3.0.0.0)
      ast (~> 2.4.1)
    pry (0.13.1)
      coderay (~> 1.1)
      method_source (~> 1.0)
    public_suffix (4.0.6)
    rainbow (3.0.0)
    rake (13.0.3)
    regexp_parser (2.0.3)
    rest-client (1.6.7)
      mime-types (>= 1.16)
    rexml (3.2.4)
    rspec (3.10.0)
      rspec-core (~> 3.10.0)
      rspec-expectations (~> 3.10.0)
      rspec-mocks (~> 3.10.0)
    rspec-core (3.10.1)
      rspec-support (~> 3.10.0)
    rspec-expectations (3.10.1)
      diff-lcs (>= 1.2.0, < 2.0)
      rspec-support (~> 3.10.0)
    rspec-mocks (3.10.1)
      diff-lcs (>= 1.2.0, < 2.0)
      rspec-support (~> 3.10.0)
    rspec-support (3.10.1)
    rubocop (1.7.0)
      parallel (~> 1.10)
      parser (>= 2.7.1.5)
      rainbow (>= 2.2.2, < 4.0)
      regexp_parser (>= 1.8, < 3.0)
      rexml
      rubocop-ast (>= 1.2.0, < 2.0)
      ruby-progressbar (~> 1.7)
      unicode-display_width (>= 1.4.0, < 2.0)
    rubocop-ast (1.4.0)
      parser (>= 2.7.1.5)
    ruby-progressbar (1.11.0)
    ruby2_keywords (0.0.2)
    simplecov (0.18.5)
      docile (~> 1.1)
      simplecov-html (~> 0.11)
    simplecov-html (0.12.3)
    term-ansicolor (1.2.2)
      tins (~> 0.8)
    thor (0.18.1)
    timecop (0.9.2)
    tins (0.13.2)
    unicode-display_width (1.7.0)
    webmock (3.11.0)
      addressable (>= 2.3.6)
      crack (>= 0.3.2)
      hashdiff (>= 0.4.0, < 2.0.0)
    yard (0.9.26)
    yardstick (0.9.9)
      yard (~> 0.8, >= 0.8.7.2)

PLATFORMS
  ruby

DEPENDENCIES
  bundler (~> 1.0)
  coveralls
  elasticsearch
  elasticsearch-dsl
  elatsicrecord!
  httparty
  jruby-openssl
  pry
  rake
  rspec (>= 2.14)
  rubocop (>= 0.46)
  simplecov (>= 0.9)
  timecop
  webmock
  yard
  yardstick

BUNDLED WITH
   1.17.3
